GEM
  remote: https://rubygems.org/
  specs:
    actionmailer (3.2.22.5)
      actionpack (= 3.2.22.5)
      mail (~> 2.5.4)
    actionpack (3.2.22.5)
      activemodel (= 3.2.22.5)
      activesupport (= 3.2.22.5)
      builder (~> 3.0.0)
      erubis (~> 2.7.0)
      journey (~> 1.0.4)
      rack (~> 1.4.5)
      rack-cache (~> 1.2)
      rack-test (~> 0.6.1)
      sprockets (~> 2.2.1)
    activemodel (3.2.22.5)
      activesupport (= 3.2.22.5)
      builder (~> 3.0.0)
    activerecord (3.2.22.5)
      activemodel (= 3.2.22.5)
      activesupport (= 3.2.22.5)
      arel (~> 3.0.2)
      tzinfo (~> 0.3.29)
    activeresource (3.2.22.5)
      activemodel (= 3.2.22.5)
      activesupport (= 3.2.22.5)
    activesupport (3.2.22.5)
      i18n (~> 0.6, >= 0.6.4)
      multi_json (~> 1.0)
    addressable (2.3.6)
    arel (3.0.3)
    awesome_print (1.2.0)
    aws-sdk (1.7.1)
      httparty (~> 0.7)
      json (~> 1.4)
      nokogiri (>= 1.4.4)
      uuidtools (~> 2.1)
    better_errors (1.1.0)
      coderay (>= 1.0.0)
      erubis (>= 2.6.6)
    bluecloth (2.2.0)
    bootstrap-sass (2.3.2.2)
      sass (~> 3.2)
    builder (3.0.4)
    byebug (3.2.0)
      columnize (~> 0.8)
      debugger-linecache (~> 1.2)
    cache_digests (0.2.0)
      actionpack (>= 3.2)
    cancan (1.6.10)
    celluloid (0.12.0)
      timers (>= 1.0.0)
    chunky_png (1.3.1)
    coderay (1.1.0)
    coffee-rails (3.2.2)
      coffee-script (>= 2.2.0)
      railties (~> 3.2.0)
    coffee-script (2.2.0)
      coffee-script-source
      execjs
    coffee-script-source (1.7.0)
    columnize (0.9.0)
    compass (0.12.6)
      chunky_png (~> 1.2)
      fssm (>= 0.2.7)
      sass (~> 3.2.19)
    compass-rails (1.0.3)
      compass (>= 0.12.2, < 0.14)
    concurrent-ruby (1.0.5)
    connection_pool (1.2.0)
    daemons (1.1.9)
    dalli (2.6.4)
    debugger-linecache (1.2.0)
    diff-lcs (1.2.5)
    docile (1.1.5)
    email_spec (1.6.0)
      launchy (~> 2.1)
      mail (~> 2.2)
    erubis (2.7.0)
    eventmachine (1.0.9.1)
    execjs (2.2.0)
    factory_girl (4.4.0)
      activesupport (>= 3.0.0)
    factory_girl_rails (4.4.1)
      factory_girl (~> 4.4.0)
      railties (>= 3.0.0)
    faker (1.3.0)
      i18n (~> 0.5)
    faraday (0.9.0)
      multipart-post (>= 1.2, < 3)
    ffi (1.9.3)
    formatador (0.2.5)
    fssm (0.2.10)
    guard (1.8.3)
      formatador (>= 0.2.4)
      listen (~> 1.3)
      lumberjack (>= 1.0.2)
      pry (>= 0.9.10)
      thor (>= 0.14.6)
    guard-bundler (0.1.3)
      bundler (>= 1.0.0)
      guard (>= 0.2.2)
    guard-rails (0.4.7)
      guard (>= 0.2.2)
    haml (3.1.8)
    haml-rails (0.3.5)
      actionpack (>= 3.1, < 4.1)
      activesupport (>= 3.1, < 4.1)
      haml (~> 3.1)
      railties (>= 3.1, < 4.1)
    has_scope (0.5.1)
    hashie (1.2.0)
    hike (1.2.3)
    hitimes (1.2.1)
    httparty (0.13.1)
      json (~> 1.8)
      multi_xml (>= 0.5.2)
    i18n (0.9.5)
      concurrent-ruby (~> 1.0)
    journey (1.0.4)
    jquery-fileupload-rails (0.4.1)
      actionpack (>= 3.1)
      railties (>= 3.1)
    jquery-rails (2.1.4)
      railties (>= 3.0, < 5.0)
      thor (>= 0.14, < 2.0)
    json (1.8.6)
    launchy (2.4.2)
      addressable (~> 2.3)
    listen (1.3.1)
      rb-fsevent (>= 0.9.3)
      rb-inotify (>= 0.9)
      rb-kqueue (>= 0.2)
    lumberjack (1.0.6)
    mail (2.5.5)
      mime-types (~> 1.16)
      treetop (~> 1.4.8)
    method_source (0.8.2)
    mime-types (1.25.1)
    mini_portile2 (2.4.0)
    multi_json (1.13.1)
    multi_xml (0.5.5)
    multipart-post (2.0.0)
    newrelic_rpm (3.5.7.59)
    nokogiri (1.10.4)
      mini_portile2 (~> 2.4.0)
    pg (0.18.4)
    pg_search (0.5.7)
      activerecord (>= 3)
      activesupport (>= 3)
    polyglot (0.3.5)
    power_assert (0.2.2)
    progressbar (0.11.0)
    pry (0.10.0)
      coderay (~> 1.1.0)
      method_source (~> 0.8.1)
      slop (~> 3.4)
    puma (2.14.0)
    quiet_assets (1.0.2)
      railties (>= 3.1, < 5.0)
    rack (1.4.7)
    rack-cache (1.8.0)
      rack (>= 0.4)
    rack-jsonp-middleware (0.0.9)
      rack
    rack-protection (1.5.3)
      rack
    rack-rewrite (1.3.3)
    rack-ssl (1.3.4)
      rack
    rack-test (0.6.3)
      rack (>= 1.0)
    rack-timeout (0.0.4)
    rails (3.2.22.5)
      actionmailer (= 3.2.22.5)
      actionpack (= 3.2.22.5)
      activerecord (= 3.2.22.5)
      activeresource (= 3.2.22.5)
      activesupport (= 3.2.22.5)
      bundler (~> 1.0)
      railties (= 3.2.22.5)
    rails_12factor (0.0.3)
      rails_serve_static_assets
      rails_stdout_logging
    rails_serve_static_assets (0.0.4)
    rails_stdout_logging (0.0.3)
    railties (3.2.22.5)
      actionpack (= 3.2.22.5)
      activesupport (= 3.2.22.5)
      rack-ssl (~> 1.3.2)
      rake (>= 0.8.7)
      rdoc (~> 3.4)
      thor (>= 0.14.6, < 2.0)
    rake (13.0.1)
    rb-fsevent (0.9.4)
    rb-inotify (0.9.5)
      ffi (>= 0.5.0)
    rb-kqueue (0.2.3)
      ffi (>= 0.5.0)
    rdoc (3.12.2)
      json (~> 1.4)
    redis (3.0.7)
    redis-namespace (1.4.1)
      redis (~> 3.0.4)
    rolify (3.2.0)
    rspec-core (3.4.4)
      rspec-support (~> 3.4.0)
    rspec-expectations (3.4.0)
      diff-lcs (>= 1.2.0, < 2.0)
      rspec-support (~> 3.4.0)
    rspec-mocks (3.4.1)
      diff-lcs (>= 1.2.0, < 2.0)
      rspec-support (~> 3.4.0)
    rspec-rails (3.4.2)
      actionpack (>= 3.0, < 4.3)
      activesupport (>= 3.0, < 4.3)
      railties (>= 3.0, < 4.3)
      rspec-core (~> 3.4.0)
      rspec-expectations (~> 3.4.0)
      rspec-mocks (~> 3.4.0)
      rspec-support (~> 3.4.0)
    rspec-support (3.4.1)
    sass (3.2.19)
    sass-rails (3.2.6)
      railties (~> 3.2.0)
      sass (>= 3.1.10)
      tilt (~> 1.3)
    sentry-raven (0.4.8)
      faraday (>= 0.7.6)
      hashie (>= 1.1.0)
      multi_json (~> 1.0)
      uuidtools
    sextant (0.2.4)
      rails (>= 3.2)
    sidekiq (2.7.3)
      celluloid (~> 0.12.0)
      connection_pool (~> 1.0)
      multi_json (~> 1)
      redis (~> 3)
      redis-namespace
    sidekiq-failures (0.1.0)
      sidekiq (>= 2.2.1)
      sinatra
      slim
      sprockets
    simplecov (0.8.2)
      docile (~> 1.1.0)
      multi_json
      simplecov-html (~> 0.8.0)
    simplecov-html (0.8.0)
    sinatra (1.3.6)
      rack (~> 1.4)
      rack-protection (~> 1.3)
      tilt (~> 1.3, >= 1.3.3)
    slim (1.3.9)
      temple (~> 0.6.3)
      tilt (~> 1.3, >= 1.3.3)
    slop (3.5.0)
    spork (0.9.2)
    sprockets (2.2.3)
      hike (~> 1.2)
      multi_json (~> 1.0)
      rack (~> 1.0)
      tilt (~> 1.1, != 1.3.0)
    sqlite3 (1.3.9)
    temple (0.6.7)
    test-unit (3.0.8)
      power_assert
    thin (1.5.1)
      daemons (>= 1.0.9)
      eventmachine (>= 0.12.6)
      rack (>= 1.0.0)
    thor (0.20.0)
    tilt (1.4.1)
    timers (3.0.0)
      hitimes
    treetop (1.4.15)
      polyglot
      polyglot (>= 0.3.1)
    tzinfo (0.3.54)
    uglifier (1.3.0)
      execjs (>= 0.3.0)
      multi_json (~> 1.0, >= 1.0.2)
    uuidtools (2.1.4)
    will_paginate (3.0.5)

PLATFORMS
  ruby

DEPENDENCIES
  awesome_print
  aws-sdk (~> 1.7.1)
  better_errors
  bluecloth (~> 2.2.0)
  bootstrap-sass (~> 2.3.2.0)
  byebug
  cache_digests (~> 0.2.0)
  cancan (~> 1.6.8)
  coffee-rails (~> 3.2.2)
  compass-rails (~> 1.0.3)
  dalli (~> 2.6.2)
  email_spec (>= 1.2.1)
  factory_girl_rails (>= 3.3.0)
  faker
  guard (>= 0.6.2)
  guard-bundler (>= 0.1.3)
  guard-rails (>= 0.0.3)
  haml-rails (~> 0.3.4)
  has_scope (~> 0.5.1)
  hashie (~> 1.2.0)
  httparty (~> 0.10)
  jquery-fileupload-rails (~> 0.4.0)
  jquery-rails (~> 2.1.2)
  newrelic_rpm (~> 3.5.7.59)
  pg (~> 0.18.4)
  pg_search (~> 0.5.7)
  progressbar (~> 0.11.0)
  puma (~> 2.14.0)
  quiet_assets
  rack-jsonp-middleware (~> 0.0.7)
  rack-rewrite (~> 1.3.3)
  rack-timeout (~> 0.0.3)
  rails (~> 3.2)
  rails_12factor (~> 0.0.3)
  redis (~> 3.0.2)
  rolify (~> 3.2.0)
  rspec-rails (>= 3.2)
  sass-rails (~> 3.2.3)
  sentry-raven (~> 0.4.3)
  sextant
  sidekiq (~> 2.7.3)
  sidekiq-failures (~> 0.1.0)
  simplecov
  sinatra (~> 1.3.0)
  slim (~> 1.3.6)
  spork
  sqlite3
  test-unit (~> 3.0)
  thin
  uglifier (~> 1.3.0)
  will_paginate (~> 3.0.3)

RUBY VERSION
   ruby 2.3.4p301

BUNDLED WITH
   1.17.2
